GEM
  remote: https://rubygems.org/
  specs:
    addressable (2.3.6)
    aws-sdk (1.40.1)
      json (~> 1.4)
      nokogiri (>= 1.4.4)
    carrier-pigeon (0.7.0)
      addressable
    daemon-spawn (0.4.2)
    json (1.8.1)
    mini_portile (0.5.3)
    nokogiri (1.6.2)
      mini_portile (~> 0.5.2)

PLATFORMS
  ruby

DEPENDENCIES
  aws-sdk
  carrier-pigeon
  daemon-spawn
